GEM
  remote: https://rubygems.org/
  specs:
    connection_pool (2.2.3)
    dotenv (2.7.6)
    hkdf (0.3.0)
    jwt (2.2.2)
    mustermann (1.1.1)
      ruby2_keywords (~> 0.0.1)
    nio4r (2.5.4)
    puma (5.1.1)
      nio4r (~> 2.0)
    rack (2.2.3)
    rack-protection (2.1.0)
      rack
    redis (4.2.5)
    ruby2_keywords (0.0.2)
    sidekiq (6.1.2)
      connection_pool (>= 2.2.2)
      rack (~> 2.0)
      redis (>= 4.2.0)
    sinatra (2.1.0)
      mustermann (~> 1.0)
      rack (~> 2.2)
      rack-protection (= 2.1.0)
      tilt (~> 2.0)
    tilt (2.0.10)
    webpush (1.1.0)
      hkdf (~> 0.2)
      jwt (~> 2.0)

PLATFORMS
  x86_64-darwin-19

DEPENDENCIES
  dotenv (~> 2.7)
  puma (~> 5.1)
  redis (~> 4.2)
  sidekiq (~> 6.1)
  sinatra (~> 2.1)
  webpush (~> 1.1)

BUNDLED WITH
   2.2.3
