GEM
  remote: https://rubygems.org/
  specs:
    base64 (0.2.0)
    connection_pool (2.4.1)
    dotenv (2.7.6)
    hkdf (0.3.0)
    jwt (2.2.2)
    logger (1.6.4)
    mustermann (3.0.3)
      ruby2_keywords (~> 0.0.1)
    nio4r (2.7.4)
    puma (5.6.9)
      nio4r (~> 2.0)
    rack (3.1.8)
    rack-protection (4.1.1)
      base64 (>= 0.1.0)
      logger (>= 1.6.0)
      rack (>= 3.0.0, < 4)
    rack-session (2.0.0)
      rack (>= 3.0.0)
    redis (4.8.1)
    redis-client (0.23.0)
      connection_pool
    ruby2_keywords (0.0.5)
    sidekiq (7.3.7)
      connection_pool (>= 2.3.0)
      logger
      rack (>= 2.2.4)
      redis-client (>= 0.22.2)
    sinatra (4.1.1)
      logger (>= 1.6.0)
      mustermann (~> 3.0)
      rack (>= 3.0.0, < 4)
      rack-protection (= 4.1.1)
      rack-session (>= 2.0.0, < 3)
      tilt (~> 2.0)
    tilt (2.5.0)
    webpush (1.1.0)
      hkdf (~> 0.2)
      jwt (~> 2.0)

PLATFORMS
  x86_64-darwin-19
  x86_64-linux

DEPENDENCIES
  dotenv (~> 2.7)
  puma (~> 5.6)
  redis (~> 4.2)
  sidekiq (~> 7.3)
  sinatra (~> 4.1)
  webpush (~> 1.1)

BUNDLED WITH
   2.2.3
