GEM
  remote: https://rubygems.org/
  specs:
    concurrent-ruby (1.2.2)
    connection_pool (2.4.1)
    dotenv (2.7.6)
    hkdf (0.3.0)
    jwt (2.2.2)
    mustermann (2.0.2)
      ruby2_keywords (~> 0.0.1)
    nio4r (2.5.9)
    puma (5.6.7)
      nio4r (~> 2.0)
    rack (2.2.8)
    rack-protection (2.2.3)
      rack
    redis (4.2.5)
    redis-client (0.17.0)
      connection_pool
    ruby2_keywords (0.0.5)
    sidekiq (7.1.3)
      concurrent-ruby (< 2)
      connection_pool (>= 2.3.0)
      rack (>= 2.2.4)
      redis-client (>= 0.14.0)
    sinatra (2.2.3)
      mustermann (~> 2.0)
      rack (~> 2.2)
      rack-protection (= 2.2.3)
      tilt (~> 2.0)
    tilt (2.2.0)
    webpush (1.1.0)
      hkdf (~> 0.2)
      jwt (~> 2.0)

PLATFORMS
  x86_64-darwin-19
  x86_64-linux

DEPENDENCIES
  dotenv (~> 2.7)
  puma (~> 5.6)
  redis (~> 4.2)
  sidekiq (~> 7.1)
  sinatra (~> 2.2)
  webpush (~> 1.1)

BUNDLED WITH
   2.2.3
