GEM
  remote: https://rubygems.org/
  specs:
    connection_pool (2.4.1)
    dotenv (2.7.6)
    hkdf (0.3.0)
    jwt (2.2.2)
    mustermann (2.0.2)
      ruby2_keywords (~> 0.0.1)
    nio4r (2.7.4)
    puma (5.6.9)
      nio4r (~> 2.0)
    rack (2.2.8)
    rack-protection (2.2.3)
      rack
    redis (4.8.1)
    ruby2_keywords (0.0.5)
    sidekiq (6.5.10)
      connection_pool (>= 2.2.5, < 3)
      rack (~> 2.0)
      redis (>= 4.5.0, < 5)
    sinatra (2.2.3)
      mustermann (~> 2.0)
      rack (~> 2.2)
      rack-protection (= 2.2.3)
      tilt (~> 2.0)
    tilt (2.2.0)
    webpush (1.1.0)
      hkdf (~> 0.2)
      jwt (~> 2.0)

PLATFORMS
  x86_64-darwin-19
  x86_64-linux

DEPENDENCIES
  dotenv (~> 2.7)
  puma (~> 5.6)
  redis (~> 4.2)
  sidekiq (~> 6.5)
  sinatra (~> 2.2)
  webpush (~> 1.1)

BUNDLED WITH
   2.2.3
